GEM
  remote: http://rubygems.org/
  remote: http://gems.github.com/
  specs:
    ffi (1.0.11)
    gd2-ffij (0.0.5)
      ffi (~> 1.0.0)
      rake (~> 0.9)
      rdoc
    git (1.2.5)
    jeweler (1.8.3)
      bundler (~> 1.0)
      git (>= 1.2.5)
      rake
      rdoc
    json (1.6.5)
    rake (0.9.2.2)
    rdoc (3.12)
      json (~> 1.4)

PLATFORMS
  ruby

DEPENDENCIES
  gd2-ffij (>= 0.0.5)
  jeweler
